GEM
  remote: https://rubygems.org/
  specs:
    httparty (0.16.2)
      multi_xml (>= 0.5.2)
    multi_xml (0.6.0)
    paint (2.0.1)

PLATFORMS
  ruby

DEPENDENCIES
  httparty (~> 0.16.2)
  paint (~> 2.0)

BUNDLED WITH
   1.16.2
